PATH
  remote: .
  specs:
    ucb_confluence (0.0.1)
      rake (>= 0.8.7)
      ucb_ldap (>= 1.4.2)

GEM
  remote: http://rubygems.org/
  specs:
    diff-lcs (1.1.2)
    rake (0.8.7)
    rcov (0.9.9)
    rspec (1.3.0)
    ruby-net-ldap (0.0.4)
    ucb_ldap (1.4.2)
      ruby-net-ldap (>= 0.0.4)

PLATFORMS
  ruby

DEPENDENCIES
  diff-lcs (>= 1.1.2)
  rcov (>= 0.9.9)
  rspec (>= 1.3.0)
  ucb_confluence!
